GIT
  remote: git://github.com/tmtmtmtm/csv_to_popolo.git
  revision: d1f20e6740f9fefbf40838c116c4f88f28bdee8c
  specs:
    csv_to_popolo (0.6.3)
      json
      smarter_csv

GEM
  remote: https://rubygems.org/
  specs:
    colorize (0.7.5)
    daemons (1.1.9)
    eventmachine (1.0.7)
    haml (4.0.6)
      tilt
    json (1.8.2)
    mail (2.6.3)
      mime-types (>= 1.16, < 3)
    mime-types (2.4.3)
    open-uri-cached (0.0.5)
    rack (1.6.0)
    rack-cors (0.3.1)
    redcarpet (3.2.2)
    sinatra (1.1.0)
      rack (~> 1.1)
      tilt (~> 1.1)
    smarter_csv (1.0.19)
    thin (1.6.3)
      daemons (~> 1.0, >= 1.0.9)
      eventmachine (~> 1.0)
      rack (~> 1.0)
    tilt (1.4.1)

PLATFORMS
  ruby

DEPENDENCIES
  colorize
  csv_to_popolo (>= 0.6.2)!
  haml
  json
  mail
  open-uri-cached
  rack-cors
  redcarpet
  sinatra (= 1.1.0)
  thin
