GIT
  remote: git://github.com/tmtmtmtm/csv_to_popolo.git
  revision: 54c000b4fbb9b2962e8d3f18ceeaf464ce087b49
  specs:
    csv_to_popolo (0.8.4)
      json

GEM
  remote: https://rubygems.org/
  specs:
    colorize (0.7.7)
    daemons (1.2.2)
    eventmachine (1.0.7)
    haml (4.0.6)
      tilt
    json (1.8.2)
    open-uri-cached (0.0.5)
    rack (1.6.0)
    rack-cors (0.4.0)
    redcarpet (3.2.3)
    sinatra (1.1.0)
      rack (~> 1.1)
      tilt (~> 1.1)
    thin (1.6.3)
      daemons (~> 1.0, >= 1.0.9)
      eventmachine (~> 1.0)
      rack (~> 1.0)
    tilt (1.4.1)

PLATFORMS
  ruby

DEPENDENCIES
  colorize
  csv_to_popolo (>= 0.8.4)!
  haml
  json
  open-uri-cached
  rack-cors
  redcarpet
  sinatra (= 1.1.0)
  thin
