GIT
  remote: https://github.com/tmtmtmtm/csv_to_popolo.git
  revision: 257f65f516120f29b24c79f8df7058ce80c05252
  specs:
    csv_to_popolo (0.31.0)
      facebook_username_extractor
      json
      rcsv
      twitter_username_extractor

GEM
  remote: https://rubygems.org/
  specs:
    colorize (0.7.7)
    daemons (1.2.2)
    eventmachine (1.0.7)
    facebook_username_extractor (0.2.0)
    haml (4.0.6)
      tilt
    json (1.8.2)
    open-uri-cached (0.0.5)
    rack (1.6.13)
    rack-cors (0.4.0)
    rcsv (0.3.1)
    redcarpet (3.2.3)
    sinatra (1.1.0)
      rack (~> 1.1)
      tilt (~> 1.1)
    thin (1.6.3)
      daemons (~> 1.0, >= 1.0.9)
      eventmachine (~> 1.0)
      rack (~> 1.0)
    tilt (1.4.1)
    twitter_username_extractor (0.2.0)

PLATFORMS
  ruby

DEPENDENCIES
  colorize
  csv_to_popolo (>= 0.9.3)!
  haml
  json
  open-uri-cached
  rack-cors
  redcarpet
  sinatra (= 1.1.0)
  thin
