GIT
  remote: git://github.com/tmtmtmtm/csv_to_popolo.git
  revision: 4427353b3216aed59a9cbabc2084e7c00250f0f7
  specs:
    csv_to_popolo (0.9.3)
      json

GEM
  remote: https://rubygems.org/
  specs:
    colorize (0.7.7)
    daemons (1.2.2)
    eventmachine (1.0.7)
    haml (4.0.6)
      tilt
    json (1.8.2)
    open-uri-cached (0.0.5)
    rack (1.6.1)
    rack-cors (1.0.6)
      rack (>= 1.6.0)
    redcarpet (3.2.3)
    sinatra (1.1.0)
      rack (~> 1.1)
      tilt (~> 1.1)
    thin (1.6.3)
      daemons (~> 1.0, >= 1.0.9)
      eventmachine (~> 1.0)
      rack (~> 1.0)
    tilt (1.4.1)

PLATFORMS
  ruby

DEPENDENCIES
  colorize
  csv_to_popolo (>= 0.9.3)!
  haml
  json
  open-uri-cached
  rack-cors
  redcarpet
  sinatra (= 1.1.0)
  thin
