GIT
  remote: git://github.com/tmtmtmtm/csv_to_popolo.git
  revision: b00f9c90247d3542238518a065afe0b4c799e4fb
  specs:
    csv_to_popolo (0.6.2)
      json
      smarter_csv

GEM
  remote: https://rubygems.org/
  specs:
    backports (3.6.4)
    colorize (0.7.5)
    daemons (1.1.9)
    eventmachine (1.0.7)
    haml (4.0.6)
      tilt
    json (1.8.2)
    open-uri-cached (0.0.5)
    rack (1.6.0)
    rack-cors (0.3.1)
    rack-protection (1.5.3)
      rack
    rack-test (0.6.3)
      rack (>= 1.0)
    redcarpet (3.2.2)
    sinatra (1.3.0)
      rack (~> 1.3)
      rack-protection (~> 1.1)
      tilt (~> 1.3)
    sinatra-contrib (1.3.2)
      backports (>= 2.0)
      eventmachine
      rack-protection
      rack-test
      sinatra (~> 1.3.0)
      tilt (~> 1.3)
    smarter_csv (1.0.19)
    thin (1.6.3)
      daemons (~> 1.0, >= 1.0.9)
      eventmachine (~> 1.0)
      rack (~> 1.0)
    tilt (1.4.1)

PLATFORMS
  ruby

DEPENDENCIES
  colorize
  csv_to_popolo (>= 0.6.2)!
  haml
  json
  open-uri-cached
  rack-cors
  redcarpet
  sinatra (= 1.3.0)
  sinatra-contrib
  thin
